PATH
  remote: .
  specs:
    paratrooper (0.0.1)
      heroku-api

GEM
  remote: http://rubygems.org/
  specs:
    excon (0.16.10)
    heroku-api (0.3.7)
      excon (~> 0.16.10)

PLATFORMS
  ruby

DEPENDENCIES
  paratrooper!
