PATH
  remote: .
  specs:
    paratrooper (0.0.2)
      heroku-api

GEM
  remote: http://rubygems.org/
  specs:
    diff-lcs (1.1.3)
    excon (0.16.7)
    heroku-api (0.3.6)
      excon (~> 0.16.7)
    rspec (2.12.0)
      rspec-core (~> 2.12.0)
      rspec-expectations (~> 2.12.0)
      rspec-mocks (~> 2.12.0)
    rspec-core (2.12.2)
    rspec-expectations (2.12.1)
      diff-lcs (~> 1.1.3)
    rspec-mocks (2.12.1)

PLATFORMS
  ruby

DEPENDENCIES
  paratrooper!
  rspec (~> 2.12)
